GEM
  remote: https://rubygems.org/
  specs:
    rack (1.6.5)

PLATFORMS
  ruby

DEPENDENCIES
  rack

BUNDLED WITH
   1.14.4
